PATH
  remote: .
  specs:
    jstats (0.0.3)
      gli
      javaparse

GEM
  remote: http://rubygems.org/
  specs:
    gli (1.6.0)
    javaparse (0.0.9)
    json (1.7.4)
    rake (0.9.2.2)
    rdoc (3.12)
      json (~> 1.4)
    terminal-table (1.4.5)

PLATFORMS
  ruby

DEPENDENCIES
  javaparse
  jstats!
  rake
  rdoc
  terminal-table
