PATH
  remote: .
  specs:
    jstats (0.0.5)
      gli
      javaparse
      terminal-table

GEM
  specs:
    gli (2.0.0)
    javaparse (0.1.5)
    json (1.7.5)
    rake (0.9.2.2)
    rdoc (3.12)
      json (~> 1.4)
    terminal-table (1.4.5)

PLATFORMS
  ruby

DEPENDENCIES
  javaparse
  jstats!
  rake
  rdoc
  terminal-table
